GEM
  remote: http://rubygems.org/
  specs:
    ffi (1.9.0)
    ffi-rzmq (1.0.3)
      ffi
    ruby-protocol-buffers (1.5.1)

PLATFORMS
  ruby

DEPENDENCIES
  ffi-rzmq
  ruby-protocol-buffers
